GEM
  remote: https://rubygems.org/
  specs:
    colorize (0.8.1)
    httpi (2.4.4)
      rack
      socksify
    mini_portile2 (2.4.0)
    nokogiri (1.10.10)
      mini_portile2 (~> 2.4.0)
    rack (2.0.7)
    socksify (1.7.1)
    wasabi (3.5.0)
      httpi (~> 2.0)
      nokogiri (>= 1.4.2)

PLATFORMS
  ruby

DEPENDENCIES
  colorize
  nokogiri
  wasabi

BUNDLED WITH
   1.17.2
